GEM
  remote: https://rubygems.org/
  specs:
    blankslate (3.1.3)
    parslet (1.6.2)
      blankslate (>= 2.0, <= 4.0)
    thor (0.19.1)
    vim-flavor (2.1.0)
      parslet (~> 1.0)
      thor (~> 0.14)

PLATFORMS
  ruby

DEPENDENCIES
  vim-flavor
